GEM
  remote: https://rubygems.org/
  specs:
    actioncable (6.0.4.7)
      actionpack (= 6.0.4.7)
      nio4r (~> 2.0)
      websocket-driver (>= 0.6.1)
    actionmailbox (6.0.4.7)
      actionpack (= 6.0.4.7)
      activejob (= 6.0.4.7)
      activerecord (= 6.0.4.7)
      activestorage (= 6.0.4.7)
      activesupport (= 6.0.4.7)
      mail (>= 2.7.1)
    actionmailer (6.0.4.7)
      actionpack (= 6.0.4.7)
      actionview (= 6.0.4.7)
      activejob (= 6.0.4.7)
      mail (~> 2.5, >= 2.5.4)
      rails-dom-testing (~> 2.0)
    actionpack (6.0.4.7)
      actionview (= 6.0.4.7)
      activesupport (= 6.0.4.7)
      rack (~> 2.0, >= 2.0.8)
      rack-test (>= 0.6.3)
      rails-dom-testing (~> 2.0)
      rails-html-sanitizer (~> 1.0, >= 1.2.0)
    actiontext (6.0.4.7)
      actionpack (= 6.0.4.7)
      activerecord (= 6.0.4.7)
      activestorage (= 6.0.4.7)
      activesupport (= 6.0.4.7)
      nokogiri (>= 1.8.5)
    actionview (6.0.4.7)
      activesupport (= 6.0.4.7)
      builder (~> 3.1)
      erubi (~> 1.4)
      rails-dom-testing (~> 2.0)
      rails-html-sanitizer (~> 1.1, >= 1.2.0)
    activejob (6.0.4.7)
      activesupport (= 6.0.4.7)
      globalid (>= 0.3.6)
    activemodel (6.0.4.7)
      activesupport (= 6.0.4.7)
    activerecord (6.0.4.7)
      activemodel (= 6.0.4.7)
      activesupport (= 6.0.4.7)
    activestorage (6.0.4.7)
      actionpack (= 6.0.4.7)
      activejob (= 6.0.4.7)
      activerecord (= 6.0.4.7)
      marcel (~> 1.0.0)
    activesupport (6.0.4.7)
      concurrent-ruby (~> 1.0, >= 1.0.2)
      i18n (>= 0.7, < 2)
      minitest (~> 5.1)
      tzinfo (~> 1.1)
      zeitwerk (~> 2.2, >= 2.2.2)
    addressable (2.8.0)
      public_suffix (>= 2.0.2, < 5.0)
    ansi (1.5.0)
    bcrypt (3.1.17)
    best_in_place (3.1.1)
      actionpack (>= 3.2)
      railties (>= 3.2)
    builder (3.2.4)
    capybara (3.36.0)
      addressable
      matrix
      mini_mime (>= 0.1.3)
      nokogiri (~> 1.8)
      rack (>= 1.6.0)
      rack-test (>= 0.6.3)
      regexp_parser (>= 1.5, < 3.0)
      xpath (~> 3.2)
    coffee-rails (5.0.0)
      coffee-script (>= 2.2.0)
      railties (>= 5.2.0)
    coffee-script (2.4.1)
      coffee-script-source
      execjs
    coffee-script-source (1.12.2)
    concurrent-ruby (1.1.10)
    connection_pool (2.2.5)
    crass (1.0.6)
    daemons (1.4.1)
    declarative (0.0.20)
    diff-lcs (1.5.0)
    digest-crc (0.6.4)
      rake (>= 12.0.0, < 14.0.0)
    docile (1.4.0)
    domain_name (0.5.20190701)
      unf (>= 0.0.5, < 1.0.0)
    erubi (1.10.0)
    eventmachine (1.2.7)
    execjs (2.8.1)
    fabrication (2.27.0)
    faker (2.20.0)
      i18n (>= 1.8.11, < 2)
    faraday (2.2.0)
      faraday-net_http (~> 2.0)
      ruby2_keywords (>= 0.0.4)
    faraday-net_http (2.0.1)
    ffi (1.15.5)
    figaro (1.2.0)
      thor (>= 0.14.0, < 2)
    foreman (0.87.2)
    globalid (1.0.0)
      activesupport (>= 5.0)
    gon (6.4.0)
      actionpack (>= 3.0.20)
      i18n (>= 0.7)
      multi_json
      request_store (>= 1.0)
    google-apis-core (0.4.2)
      addressable (~> 2.5, >= 2.5.1)
      googleauth (>= 0.16.2, < 2.a)
      httpclient (>= 2.8.1, < 3.a)
      mini_mime (~> 1.0)
      representable (~> 3.0)
      retriable (>= 2.0, < 4.a)
      rexml
      webrick
    google-apis-iamcredentials_v1 (0.10.0)
      google-apis-core (>= 0.4, < 2.a)
    google-apis-storage_v1 (0.11.0)
      google-apis-core (>= 0.4, < 2.a)
    google-cloud-core (1.6.0)
      google-cloud-env (~> 1.0)
      google-cloud-errors (~> 1.0)
    google-cloud-env (1.6.0)
      faraday (>= 0.17.3, < 3.0)
    google-cloud-errors (1.2.0)
    google-cloud-storage (1.36.1)
      addressable (~> 2.8)
      digest-crc (~> 0.4)
      google-apis-iamcredentials_v1 (~> 0.1)
      google-apis-storage_v1 (~> 0.1)
      google-cloud-core (~> 1.6)
      googleauth (>= 0.16.2, < 2.a)
      mini_mime (~> 1.0)
    googleauth (1.1.2)
      faraday (>= 0.17.3, < 3.a)
      jwt (>= 1.4, < 3.0)
      memoist (~> 0.16)
      multi_json (~> 1.11)
      os (>= 0.9, < 2.0)
      signet (>= 0.16, < 2.a)
    http-cookie (1.0.4)
      domain_name (~> 0.5)
    httpclient (2.8.3)
    i18n (1.10.0)
      concurrent-ruby (~> 1.0)
    jquery-rails (4.4.0)
      rails-dom-testing (>= 1, < 3)
      railties (>= 4.2.0)
      thor (>= 0.14, < 2.0)
    json (2.6.1)
    jwt (2.3.0)
    loofah (2.15.0)
      crass (~> 1.0.2)
      nokogiri (>= 1.5.9)
    mail (2.7.1)
      mini_mime (>= 0.1.1)
    marcel (1.0.2)
    matrix (0.4.2)
    mechanize (2.8.4)
      addressable (~> 2.8)
      domain_name (~> 0.5, >= 0.5.20190701)
      http-cookie (~> 1.0, >= 1.0.3)
      mime-types (~> 3.0)
      net-http-digest_auth (~> 1.4, >= 1.4.1)
      net-http-persistent (>= 2.5.2, < 5.0.dev)
      nokogiri (~> 1.11, >= 1.11.2)
      rubyntlm (~> 0.6, >= 0.6.3)
      webrick (~> 1.7)
      webrobots (~> 0.1.2)
    memoist (0.16.2)
    method_source (1.0.0)
    mime-types (3.4.1)
      mime-types-data (~> 3.2015)
    mime-types-data (3.2022.0105)
    mini_mime (1.1.2)
    minitest (5.15.0)
    multi_json (1.15.0)
    multi_xml (0.6.0)
    mysql2 (0.5.3)
    net-http-digest_auth (1.4.1)
    net-http-persistent (4.0.1)
      connection_pool (~> 2.2)
    nio4r (2.5.8)
    nokogiri (1.13.3-x86_64-linux)
      racc (~> 1.4)
    oauth (0.5.8)
    oauth2 (1.4.9)
      faraday (>= 0.17.3, < 3.0)
      jwt (>= 1.0, < 3.0)
      multi_json (~> 1.3)
      multi_xml (~> 0.5)
      rack (>= 1.2, < 3)
    oj (3.13.11)
    os (1.1.4)
    public_suffix (4.0.6)
    rabl (0.15.0)
      activesupport (>= 2.3.14)
    racc (1.6.0)
    rack (2.2.3)
    rack-test (1.1.0)
      rack (>= 1.0, < 3)
    rails (6.0.4.7)
      actioncable (= 6.0.4.7)
      actionmailbox (= 6.0.4.7)
      actionmailer (= 6.0.4.7)
      actionpack (= 6.0.4.7)
      actiontext (= 6.0.4.7)
      actionview (= 6.0.4.7)
      activejob (= 6.0.4.7)
      activemodel (= 6.0.4.7)
      activerecord (= 6.0.4.7)
      activestorage (= 6.0.4.7)
      activesupport (= 6.0.4.7)
      bundler (>= 1.3.0)
      railties (= 6.0.4.7)
      sprockets-rails (>= 2.0.0)
    rails-controller-testing (1.0.5)
      actionpack (>= 5.0.1.rc1)
      actionview (>= 5.0.1.rc1)
      activesupport (>= 5.0.1.rc1)
    rails-dom-testing (2.0.3)
      activesupport (>= 4.2.0)
      nokogiri (>= 1.6)
    rails-html-sanitizer (1.4.2)
      loofah (~> 2.3)
    railties (6.0.4.7)
      actionpack (= 6.0.4.7)
      activesupport (= 6.0.4.7)
      method_source
      rake (>= 0.8.7)
      thor (>= 0.20.3, < 2.0)
    rake (13.0.6)
    regexp_parser (2.2.1)
    representable (3.1.1)
      declarative (< 0.1.0)
      trailblazer-option (>= 0.1.1, < 0.2.0)
      uber (< 0.2.0)
    request_store (1.5.1)
      rack (>= 1.4)
    retriable (3.1.2)
    rexml (3.2.5)
    rspec-core (3.11.0)
      rspec-support (~> 3.11.0)
    rspec-expectations (3.11.0)
      diff-lcs (>= 1.2.0, < 2.0)
      rspec-support (~> 3.11.0)
    rspec-mocks (3.11.0)
      diff-lcs (>= 1.2.0, < 2.0)
      rspec-support (~> 3.11.0)
    rspec-rails (4.0.2)
      actionpack (>= 4.2)
      activesupport (>= 4.2)
      railties (>= 4.2)
      rspec-core (~> 3.10)
      rspec-expectations (~> 3.10)
      rspec-mocks (~> 3.10)
      rspec-support (~> 3.10)
    rspec-support (3.11.0)
    ruby2_keywords (0.0.5)
    rubyntlm (0.6.3)
    sassc (2.4.0)
      ffi (~> 1.9)
    sassc-rails (2.1.2)
      railties (>= 4.0.0)
      sassc (>= 2.0)
      sprockets (> 3.0)
      sprockets-rails
      tilt
    signet (0.16.1)
      addressable (~> 2.8)
      faraday (>= 0.17.5, < 3.0)
      jwt (>= 1.5, < 3.0)
      multi_json (~> 1.10)
    simplecov (0.21.2)
      docile (~> 1.1)
      simplecov-html (~> 0.11)
      simplecov_json_formatter (~> 0.1)
    simplecov-html (0.12.3)
    simplecov_json_formatter (0.1.4)
    sorcery (0.16.3)
      bcrypt (~> 3.1)
      oauth (~> 0.5, >= 0.5.5)
      oauth2 (~> 1.0, >= 0.8.0)
    sprockets (4.0.3)
      concurrent-ruby (~> 1.0)
      rack (> 1, < 3)
    sprockets-rails (3.4.2)
      actionpack (>= 5.2)
      activesupport (>= 5.2)
      sprockets (>= 3.0.0)
    thin (1.8.1)
      daemons (~> 1.0, >= 1.0.9)
      eventmachine (~> 1.0, >= 1.0.4)
      rack (>= 1, < 3)
    thor (1.2.1)
    thread_safe (0.3.6)
    tilt (2.0.10)
    trailblazer-option (0.1.2)
    turn (0.9.6)
      ansi
    tzinfo (1.2.9)
      thread_safe (~> 0.1)
    uber (0.1.0)
    uglifier (4.2.0)
      execjs (>= 0.3.0, < 3)
    unf (0.1.4)
      unf_ext
    unf_ext (0.0.8.1)
    webrick (1.7.0)
    webrobots (0.1.2)
    websocket-driver (0.7.5)
      websocket-extensions (>= 0.1.0)
    websocket-extensions (0.1.5)
    will_paginate (3.3.1)
    xpath (3.2.0)
      nokogiri (~> 1.8)
    yaml_db (0.7.0)
      rails (>= 3.0)
      rake (>= 0.8.7)
    zeitwerk (2.5.4)

PLATFORMS
  x86_64-linux-musl

DEPENDENCIES
  best_in_place (>= 3.1.0)
  capybara (~> 3.2)
  coffee-rails
  execjs
  fabrication
  faker
  figaro
  foreman
  gon
  google-cloud-storage (~> 1.8)
  jquery-rails
  json (~> 2.3)
  mechanize (~> 2.8)
  minitest
  mysql2 (~> 0.5.3)
  nokogiri (>= 1.13.2)
  oj
  rabl
  rails (= 6.0.4.7)
  rails-controller-testing
  railties (>= 6.0.3.7)
  rspec-rails (~> 4.0.0)
  sassc-rails
  simplecov
  sorcery (~> 0.16.1)
  thin
  turn
  uglifier
  will_paginate (>= 3.3.1)
  yaml_db (~> 0.7.0)

RUBY VERSION
   ruby 3.0.3p157

BUNDLED WITH
   2.2.32
